GEM
  remote: http://rubygems.org/
  specs:
    shoulda (2.11.3)
    watchr (0.7)

PLATFORMS
  ruby

DEPENDENCIES
  shoulda
  watchr
