GEM
  remote: http://rubygems.org/
  specs:
    activesupport (3.0.5)
    i18n (0.5.0)
    ruby_parser (2.0.6)
      sexp_processor (~> 3.0)
    sexp_processor (3.0.5)
    shoulda (2.11.3)
    watchr (0.7)

PLATFORMS
  ruby

DEPENDENCIES
  activesupport
  i18n
  ruby_parser
  shoulda
  watchr
